GEM
  remote: https://rubygems.org/
  specs:
    jruby-rack (1.1.19)
    rack (1.6.4)
    rack-protection (1.5.3)
      rack
    sinatra (1.4.6)
      rack (~> 1.4)
      rack-protection (~> 1.4)
      tilt (>= 1.3, < 3)
    tilt (2.0.1)
    trinidad (1.4.6)
      jruby-rack (~> 1.1.13)
      trinidad_jars (>= 1.3.0, < 1.5.0)
    trinidad_jars (1.4.1)

PLATFORMS
  java

DEPENDENCIES
  sinatra (~> 1.4.6)
  trinidad (~> 1.4.6)

BUNDLED WITH
   1.10.5
