GEM
  remote: https://rubygems.org/
  specs:
    backports (3.6.4)
    bson (3.1.2-java)
    jruby-rack (1.1.19)
    mongo (2.0.6)
      bson (~> 3.0)
    multi_json (1.11.2)
    rack (1.6.4)
    rack-protection (1.5.3)
      rack
    rack-test (0.6.3)
      rack (>= 1.0)
    sinatra (1.4.6)
      rack (~> 1.4)
      rack-protection (~> 1.4)
      tilt (>= 1.3, < 3)
    sinatra-contrib (1.4.6)
      backports (>= 2.0)
      multi_json
      rack-protection
      rack-test
      sinatra (~> 1.4.0)
      tilt (>= 1.3, < 3)
    tilt (2.0.1)
    trinidad (1.4.6)
      jruby-rack (~> 1.1.13)
      trinidad_jars (>= 1.3.0, < 1.5.0)
    trinidad_jars (1.4.1)

PLATFORMS
  java

DEPENDENCIES
  mongo (~> 2.0.6)
  sinatra (~> 1.4.6)
  sinatra-contrib (~> 1.4.6)
  trinidad (~> 1.4.6)

BUNDLED WITH
   1.10.5
